GEM
  remote: https://rubygems.org/
  specs:
    parslet (1.8.1)
    thor (0.20.0)
    vim-flavor (1.1.5)
      parslet (~> 1.0)
      thor (~> 0.14)

PLATFORMS
  ruby

DEPENDENCIES
  vim-flavor (~> 1.1)

BUNDLED WITH
   1.11.2
